GEM
  remote: https://rubygems.org/
  specs:
    ffi (1.9.10)
    levenshtein-ffi (1.1.0)
      ffi (~> 1.9)
    sqlite3 (1.3.11)

PLATFORMS
  ruby

DEPENDENCIES
  levenshtein-ffi
  sqlite3 (~> 1.3, >= 1.3.11)

BUNDLED WITH
   1.10.6
